GEM
  remote: http://rubygems.org/
  specs:
    esa (1.13.1)
      faraday (~> 0.9)
      faraday_middleware
      mime-types (~> 2.6)
      multi_xml (~> 0.5.5)
    faraday (0.13.1)
      multipart-post (>= 1.2, < 3)
    faraday_middleware (0.12.2)
      faraday (>= 0.7.4, < 1.0)
    mime-types (2.99.3)
    multi_xml (0.5.5)
    multipart-post (2.0.0)
    redis (4.0.1)

PLATFORMS
  ruby

DEPENDENCIES
  esa
  redis

BUNDLED WITH
   1.15.3
